PATH
  remote: .
  specs:
    mactag (0.6.0)

GEM
  remote: http://rubygems.org/
  specs:
    diff-lcs (1.1.3)
    rake (0.9.2.2)
    redcarpet (2.0.1)
    rspec (2.7.0)
      rspec-core (~> 2.7.0)
      rspec-expectations (~> 2.7.0)
      rspec-mocks (~> 2.7.0)
    rspec-core (2.7.0)
    rspec-expectations (2.7.0)
      diff-lcs (~> 1.1.2)
    rspec-mocks (2.7.0)
    yard (0.7.4)

PLATFORMS
  ruby

DEPENDENCIES
  mactag!
  rake
  redcarpet
  rspec (~> 2.7)
  yard
